GIT
  remote: git://github.com/atapio/yr_api.git
  revision: f42582192da189821e3b8cfafd1293f736d23544
  specs:
    yr (0.0.2)
      activesupport
      hpricot
      nokogiri

GEM
  remote: https://rubygems.org/
  specs:
    activesupport (3.2.8)
      i18n (~> 0.6)
      multi_json (~> 1.0)
    hpricot (0.8.6)
    i18n (0.6.1)
    multi_json (1.3.6)
    nokogiri (1.5.5)
    rack (1.4.1)
    rack-protection (1.2.0)
      rack
    sinatra (1.3.3)
      rack (~> 1.3, >= 1.3.6)
      rack-protection (~> 1.2)
      tilt (~> 1.3, >= 1.3.3)
    tilt (1.3.3)

PLATFORMS
  ruby

DEPENDENCIES
  sinatra
  yr!
